GEM
  remote: https://rubygems.org/
  specs:
    builder (3.2.3)
    httparty (0.14.0)
      multi_xml (>= 0.5.2)
    jwt (1.5.6)
    multi_json (1.12.1)
    multi_xml (0.6.0)
    pg (0.20.0)
    twilio-ruby (4.13.0)
      builder (>= 2.1.2)
      jwt (~> 1.0)
      multi_json (>= 1.3.0)

PLATFORMS
  ruby

DEPENDENCIES
  httparty
  pg
  twilio-ruby

BUNDLED WITH
   1.14.6
